GEM
  remote: https://gems.contribsys.com/
  specs:
    sidekiq-pro (8.0.2)
      sidekiq (>= 8.0.0, < 9)

GEM
  remote: https://rubygems.org/
  specs:
    actioncable (8.0.2.1)
      actionpack (= 8.0.2.1)
      activesupport (= 8.0.2.1)
      nio4r (~> 2.0)
      websocket-driver (>= 0.6.1)
      zeitwerk (~> 2.6)
    actionmailbox (8.0.2.1)
      actionpack (= 8.0.2.1)
      activejob (= 8.0.2.1)
      activerecord (= 8.0.2.1)
      activestorage (= 8.0.2.1)
      activesupport (= 8.0.2.1)
      mail (>= 2.8.0)
    actionmailer (8.0.2.1)
      actionpack (= 8.0.2.1)
      actionview (= 8.0.2.1)
      activejob (= 8.0.2.1)
      activesupport (= 8.0.2.1)
      mail (>= 2.8.0)
      rails-dom-testing (~> 2.2)
    actionpack (8.0.2.1)
      actionview (= 8.0.2.1)
      activesupport (= 8.0.2.1)
      nokogiri (>= 1.8.5)
      rack (>= 2.2.4)
      rack-session (>= 1.0.1)
      rack-test (>= 0.6.3)
      rails-dom-testing (~> 2.2)
      rails-html-sanitizer (~> 1.6)
      useragent (~> 0.16)
    actiontext (8.0.2.1)
      actionpack (= 8.0.2.1)
      activerecord (= 8.0.2.1)
      activestorage (= 8.0.2.1)
      activesupport (= 8.0.2.1)
      globalid (>= 0.6.0)
      nokogiri (>= 1.8.5)
    actionview (8.0.2.1)
      activesupport (= 8.0.2.1)
      builder (~> 3.1)
      erubi (~> 1.11)
      rails-dom-testing (~> 2.2)
      rails-html-sanitizer (~> 1.6)
    activejob (8.0.2.1)
      activesupport (= 8.0.2.1)
      globalid (>= 0.3.6)
    activemodel (8.0.2.1)
      activesupport (= 8.0.2.1)
    activerecord (8.0.2.1)
      activemodel (= 8.0.2.1)
      activesupport (= 8.0.2.1)
      timeout (>= 0.4.0)
    activerecord-import (2.2.0)
      activerecord (>= 4.2)
    activestorage (8.0.2.1)
      actionpack (= 8.0.2.1)
      activejob (= 8.0.2.1)
      activerecord (= 8.0.2.1)
      activesupport (= 8.0.2.1)
      marcel (~> 1.0)
    activesupport (8.0.2.1)
      base64
      benchmark (>= 0.3)
      bigdecimal
      concurrent-ruby (~> 1.0, >= 1.3.1)
      connection_pool (>= 2.2.5)
      drb
      i18n (>= 1.6, < 2)
      logger (>= 1.4.2)
      minitest (>= 5.1)
      securerandom (>= 0.3)
      tzinfo (~> 2.0, >= 2.0.5)
      uri (>= 0.13.1)
    addressable (2.8.7)
      public_suffix (>= 2.0.2, < 7.0)
    ast (2.4.3)
    aws-eventstream (1.4.0)
    aws-partitions (1.1147.0)
    aws-sdk-core (3.229.0)
      aws-eventstream (~> 1, >= 1.3.0)
      aws-partitions (~> 1, >= 1.992.0)
      aws-sigv4 (~> 1.9)
      base64
      bigdecimal
      jmespath (~> 1, >= 1.6.1)
      logger
    aws-sdk-kms (1.110.0)
      aws-sdk-core (~> 3, >= 3.228.0)
      aws-sigv4 (~> 1.5)
    aws-sdk-s3 (1.196.1)
      aws-sdk-core (~> 3, >= 3.228.0)
      aws-sdk-kms (~> 1)
      aws-sigv4 (~> 1.5)
    aws-sigv4 (1.12.1)
      aws-eventstream (~> 1, >= 1.0.2)
    base58 (0.2.3)
    base64 (0.2.0)
    bcrypt (3.1.20)
    benchmark (0.4.1)
    bigdecimal (3.2.2)
    blueprinter (1.1.2)
    blueprinter-activerecord (1.3.0)
      activerecord (>= 6.0)
      blueprinter (~> 1.0)
    bootsnap (1.18.6)
      msgpack (~> 1.2)
    brakeman (7.1.0)
      racc
    builder (3.3.0)
    capybara (3.40.0)
      addressable
      matrix
      mini_mime (>= 0.1.3)
      nokogiri (~> 1.11)
      rack (>= 1.6.0)
      rack-test (>= 0.6.3)
      regexp_parser (>= 1.5, < 3.0)
      xpath (~> 3.2)
    clockwork (3.0.2)
      activesupport
      tzinfo
    commander (5.0.0)
      highline (~> 3.0.0)
    concurrent-ruby (1.3.5)
    connection_pool (2.5.3)
    crack (1.0.0)
      bigdecimal
      rexml
    crass (1.0.6)
    csv (3.3.5)
    date (3.4.1)
    debug (1.11.0)
      irb (~> 1.10)
      reline (>= 0.3.8)
    devise (4.9.4)
      bcrypt (~> 3.0)
      orm_adapter (~> 0.1)
      railties (>= 4.1.0)
      responders
      warden (~> 1.2.3)
    diff-lcs (1.6.2)
    drb (2.2.3)
    ed25519 (1.4.0)
    erb (5.0.2)
    erubi (1.13.1)
    event_emitter (0.2.6)
    factory_bot (6.5.5)
      activesupport (>= 6.1.0)
    factory_bot_rails (6.5.0)
      factory_bot (~> 6.5)
      railties (>= 6.1.0)
    faker (3.5.2)
      i18n (>= 1.8.11, < 2)
    ffi (1.17.2-aarch64-linux-gnu)
    ffi (1.17.2-aarch64-linux-musl)
    ffi (1.17.2-arm64-darwin)
    ffi (1.17.2-x86_64-darwin)
    ffi (1.17.2-x86_64-linux-gnu)
    ffi (1.17.2-x86_64-linux-musl)
    globalid (1.2.1)
      activesupport (>= 6.1)
    google-protobuf (4.32.0-aarch64-linux-gnu)
      bigdecimal
      rake (>= 13)
    google-protobuf (4.32.0-aarch64-linux-musl)
      bigdecimal
      rake (>= 13)
    google-protobuf (4.32.0-arm64-darwin)
      bigdecimal
      rake (>= 13)
    google-protobuf (4.32.0-x86_64-darwin)
      bigdecimal
      rake (>= 13)
    google-protobuf (4.32.0-x86_64-linux-gnu)
      bigdecimal
      rake (>= 13)
    google-protobuf (4.32.0-x86_64-linux-musl)
      bigdecimal
      rake (>= 13)
    h3 (3.7.4)
      ffi (~> 1.9)
      rgeo-geojson (~> 2.1)
      zeitwerk (~> 2.5)
    hashdiff (1.2.0)
    highline (3.0.1)
    httparty (0.23.1)
      csv
      mini_mime (>= 1.0.0)
      multi_xml (>= 0.5.2)
    i18n (1.14.7)
      concurrent-ruby (~> 1.0)
    importmap-rails (2.2.2)
      actionpack (>= 6.0.0)
      activesupport (>= 6.0.0)
      railties (>= 6.0.0)
    io-console (0.8.1)
    irb (1.15.2)
      pp (>= 0.6.0)
      rdoc (>= 4.0.0)
      reline (>= 0.4.2)
    jmespath (1.6.2)
    json (2.13.2)
    kaminari (1.2.2)
      activesupport (>= 4.1.0)
      kaminari-actionview (= 1.2.2)
      kaminari-activerecord (= 1.2.2)
      kaminari-core (= 1.2.2)
    kaminari-actionview (1.2.2)
      actionview
      kaminari-core (= 1.2.2)
    kaminari-activerecord (1.2.2)
      activerecord
      kaminari-core (= 1.2.2)
    kaminari-core (1.2.2)
    language_server-protocol (3.17.0.5)
    lint_roller (1.1.0)
    logger (1.7.0)
    loofah (2.24.1)
      crass (~> 1.0.2)
      nokogiri (>= 1.12.0)
    mail (2.8.1)
      mini_mime (>= 0.1.1)
      net-imap
      net-pop
      net-smtp
    marcel (1.0.4)
    matrix (0.4.3)
    method_source (1.1.0)
    mini_mime (1.1.5)
    minitest (5.25.5)
    msgpack (1.8.0)
    multi_json (1.17.0)
    multi_xml (0.7.2)
      bigdecimal (~> 3.1)
    net-imap (0.5.9)
      date
      net-protocol
    net-pop (0.1.2)
      net-protocol
    net-protocol (0.2.2)
      timeout
    net-smtp (0.5.1)
      net-protocol
    netrc (0.11.0)
    nio4r (2.7.4)
    nokogiri (1.18.9-aarch64-linux-gnu)
      racc (~> 1.4)
    nokogiri (1.18.9-aarch64-linux-musl)
      racc (~> 1.4)
    nokogiri (1.18.9-arm64-darwin)
      racc (~> 1.4)
    nokogiri (1.18.9-x86_64-darwin)
      racc (~> 1.4)
    nokogiri (1.18.9-x86_64-linux-gnu)
      racc (~> 1.4)
    nokogiri (1.18.9-x86_64-linux-musl)
      racc (~> 1.4)
    orm_adapter (0.5.0)
    ostruct (0.6.3)
    parallel (1.27.0)
    parlour (9.1.2)
      commander (~> 5.0)
      parser
      rainbow (~> 3.0)
      sorbet-runtime (>= 0.5)
    parser (3.3.9.0)
      ast (~> 2.4.1)
      racc
    pay (11.2.2)
      rails (>= 7.0.0)
    pg (1.6.1-aarch64-linux)
    pg (1.6.1-aarch64-linux-musl)
    pg (1.6.1-arm64-darwin)
    pg (1.6.1-x86_64-darwin)
    pg (1.6.1-x86_64-linux)
    pg (1.6.1-x86_64-linux-musl)
    polyfill (1.9.0)
    posthog-ruby (3.1.2)
      concurrent-ruby (~> 1)
    pp (0.6.2)
      prettyprint
    prettyprint (0.2.0)
    prism (1.4.0)
    propshaft (1.2.1)
      actionpack (>= 7.0.0)
      activesupport (>= 7.0.0)
      rack
    psych (5.2.6)
      date
      stringio
    public_suffix (6.0.2)
    puma (6.6.1)
      nio4r (~> 2.0)
    racc (1.8.1)
    rack (3.2.0)
    rack-session (2.1.1)
      base64 (>= 0.1.0)
      rack (>= 3.0.0)
    rack-test (2.2.0)
      rack (>= 1.3)
    rackup (2.2.1)
      rack (>= 3)
    rails (8.0.2.1)
      actioncable (= 8.0.2.1)
      actionmailbox (= 8.0.2.1)
      actionmailer (= 8.0.2.1)
      actionpack (= 8.0.2.1)
      actiontext (= 8.0.2.1)
      actionview (= 8.0.2.1)
      activejob (= 8.0.2.1)
      activemodel (= 8.0.2.1)
      activerecord (= 8.0.2.1)
      activestorage (= 8.0.2.1)
      activesupport (= 8.0.2.1)
      bundler (>= 1.15.0)
      railties (= 8.0.2.1)
    rails-dom-testing (2.3.0)
      activesupport (>= 5.0.0)
      minitest
      nokogiri (>= 1.6)
    rails-html-sanitizer (1.6.2)
      loofah (~> 2.21)
      nokogiri (>= 1.15.7, != 1.16.7, != 1.16.6, != 1.16.5, != 1.16.4, != 1.16.3, != 1.16.2, != 1.16.1, != 1.16.0.rc1, != 1.16.0)
    railties (8.0.2.1)
      actionpack (= 8.0.2.1)
      activesupport (= 8.0.2.1)
      irb (~> 1.13)
      rackup (>= 1.0.0)
      rake (>= 12.2)
      thor (~> 1.0, >= 1.2.2)
      zeitwerk (~> 2.6)
    rainbow (3.1.1)
    rake (13.3.0)
    rbi (0.3.6)
      prism (~> 1.0)
      rbs (>= 3.4.4)
    rbnacl (7.1.2)
      ffi (~> 1)
    rbs (4.0.0.dev.4)
      logger
      prism (>= 1.3.0)
    rdoc (6.14.2)
      erb
      psych (>= 4.0.0)
    redis (5.4.1)
      redis-client (>= 0.22.0)
    redis-client (0.25.2)
      connection_pool
    regexp_parser (2.11.2)
    reline (0.6.2)
      io-console (~> 0.5)
    responders (3.1.1)
      actionpack (>= 5.2)
      railties (>= 5.2)
    rexml (3.4.1)
    rgeo (3.0.1)
    rgeo-geojson (2.2.0)
      multi_json (~> 1.15)
      rgeo (>= 1.0.0)
    rspec-core (3.13.5)
      rspec-support (~> 3.13.0)
    rspec-expectations (3.13.5)
      diff-lcs (>= 1.2.0, < 2.0)
      rspec-support (~> 3.13.0)
    rspec-mocks (3.13.5)
      diff-lcs (>= 1.2.0, < 2.0)
      rspec-support (~> 3.13.0)
    rspec-rails (8.0.2)
      actionpack (>= 7.2)
      activesupport (>= 7.2)
      railties (>= 7.2)
      rspec-core (~> 3.13)
      rspec-expectations (~> 3.13)
      rspec-mocks (~> 3.13)
      rspec-support (~> 3.13)
    rspec-sorbet (1.9.2)
      sorbet-runtime
    rspec-support (3.13.4)
    rubocop (1.79.2)
      json (~> 2.3)
      language_server-protocol (~> 3.17.0.2)
      lint_roller (~> 1.1.0)
      parallel (~> 1.10)
      parser (>= 3.3.0.2)
      rainbow (>= 2.2.2, < 4.0)
      regexp_parser (>= 2.9.3, < 3.0)
      rubocop-ast (>= 1.46.0, < 2.0)
      ruby-progressbar (~> 1.7)
      unicode-display_width (>= 2.4.0, < 4.0)
    rubocop-ast (1.46.0)
      parser (>= 3.3.7.2)
      prism (~> 1.4)
    rubocop-performance (1.25.0)
      lint_roller (~> 1.1)
      rubocop (>= 1.75.0, < 2.0)
      rubocop-ast (>= 1.38.0, < 2.0)
    rubocop-rails (2.33.3)
      activesupport (>= 4.2.0)
      lint_roller (~> 1.1)
      rack (>= 1.1)
      rubocop (>= 1.75.0, < 2.0)
      rubocop-ast (>= 1.44.0, < 2.0)
    rubocop-rails-omakase (1.1.0)
      rubocop (>= 1.72)
      rubocop-performance (>= 1.24)
      rubocop-rails (>= 2.30)
    rubocop-sorbet (0.10.5)
      lint_roller
      rubocop (>= 1.75.2)
    ruby-progressbar (1.13.0)
    rubyzip (3.0.1)
    safe_type (1.1.1)
    securerandom (0.4.1)
    selenium-webdriver (4.35.0)
      base64 (~> 0.2)
      logger (~> 1.4)
      rexml (~> 3.2, >= 3.2.5)
      rubyzip (>= 1.2.2, < 4.0)
      websocket (~> 1.0)
    sentry-rails (5.26.0)
      railties (>= 5.0)
      sentry-ruby (~> 5.26.0)
    sentry-ruby (5.26.0)
      bigdecimal
      concurrent-ruby (~> 1.0, >= 1.0.2)
    sidekiq (8.0.7)
      connection_pool (>= 2.5.0)
      json (>= 2.9.0)
      logger (>= 1.6.2)
      rack (>= 3.1.0)
      redis-client (>= 0.23.2)
    simple_form (5.3.1)
      actionpack (>= 5.2)
      activemodel (>= 5.2)
    solana-ruby-web3js (2.1.5)
      activesupport
      base58 (~> 0.2.3)
      base64 (~> 0.2.0)
      ed25519
      rbnacl (~> 7.1)
      websocket-client-simple (~> 0.8.0)
    sorbet (0.5.12414)
      sorbet-static (= 0.5.12414)
    sorbet-coerce (0.7.0)
      polyfill (~> 1.8)
      safe_type (~> 1.1, >= 1.1.1)
      sorbet-runtime (>= 0.4.4704)
    sorbet-rails (0.7.34)
      method_source (>= 0.9.2)
      parlour (>= 4.0.1)
      parser (>= 2.7)
      sorbet-coerce (>= 0.2.6)
      sorbet-runtime (>= 0.5.9892)
    sorbet-runtime (0.5.12414)
    sorbet-static (0.5.12414-aarch64-linux)
    sorbet-static (0.5.12414-universal-darwin)
    sorbet-static (0.5.12414-x86_64-linux)
    sorbet-static-and-runtime (0.5.12414)
      sorbet (= 0.5.12414)
      sorbet-runtime (= 0.5.12414)
    spoom (1.7.6)
      erubi (>= 1.10.0)
      prism (>= 0.28.0)
      rbi (>= 0.3.3)
      rbs (>= 4.0.0.dev.4)
      rexml (>= 3.2.6)
      sorbet-static-and-runtime (>= 0.5.10187)
      thor (>= 0.19.2)
    stackprof (0.2.27)
    stimulus-rails (1.3.4)
      railties (>= 6.0.0)
    stringio (3.1.7)
    stripe (15.4.0)
    tailwindcss-rails (4.3.0)
      railties (>= 7.0.0)
      tailwindcss-ruby (~> 4.0)
    tailwindcss-ruby (4.1.11-aarch64-linux-gnu)
    tailwindcss-ruby (4.1.11-aarch64-linux-musl)
    tailwindcss-ruby (4.1.11-arm64-darwin)
    tailwindcss-ruby (4.1.11-x86_64-darwin)
    tailwindcss-ruby (4.1.11-x86_64-linux-gnu)
    tailwindcss-ruby (4.1.11-x86_64-linux-musl)
    tapioca (0.16.11)
      benchmark
      bundler (>= 2.2.25)
      netrc (>= 0.11.0)
      parallel (>= 1.21.0)
      rbi (~> 0.2)
      sorbet-static-and-runtime (>= 0.5.11087)
      spoom (>= 1.2.0)
      thor (>= 1.2.0)
      yard-sorbet
    thor (1.4.0)
    thruster (0.1.15-aarch64-linux)
    thruster (0.1.15-arm64-darwin)
    thruster (0.1.15-x86_64-darwin)
    thruster (0.1.15-x86_64-linux)
    timeout (0.4.3)
    turbo-rails (2.0.16)
      actionpack (>= 7.1.0)
      railties (>= 7.1.0)
    tzinfo (2.0.6)
      concurrent-ruby (~> 1.0)
    unicode-display_width (3.1.5)
      unicode-emoji (~> 4.0, >= 4.0.4)
    unicode-emoji (4.0.4)
    uri (1.0.3)
    useragent (0.16.11)
    vcr (6.3.1)
      base64
    view_component (4.0.2)
      activesupport (>= 7.1.0, < 8.1)
      concurrent-ruby (~> 1)
    warden (1.2.9)
      rack (>= 2.0.9)
    webmock (3.25.1)
      addressable (>= 2.8.0)
      crack (>= 0.3.2)
      hashdiff (>= 0.4.0, < 2.0.0)
    websocket (1.2.11)
    websocket-client-simple (0.8.0)
      event_emitter
      websocket
    websocket-driver (0.8.0)
      base64
      websocket-extensions (>= 0.1.0)
    websocket-extensions (0.1.5)
    xpath (3.2.0)
      nokogiri (~> 1.8)
    yard (0.9.37)
    yard-sorbet (0.9.0)
      sorbet-runtime
      yard
    zeitwerk (2.7.2)
    zlib (3.2.1)

PLATFORMS
  aarch64-linux
  aarch64-linux-gnu
  aarch64-linux-musl
  arm64-darwin
  x86_64-darwin
  x86_64-linux
  x86_64-linux-gnu
  x86_64-linux-musl

DEPENDENCIES
  activerecord-import
  aws-sdk-s3
  blueprinter
  blueprinter-activerecord
  bootsnap
  brakeman
  capybara
  clockwork
  debug
  devise
  factory_bot_rails
  faker
  google-protobuf
  h3
  httparty
  importmap-rails
  kaminari
  mail
  ostruct
  pay
  pg (~> 1.1)
  posthog-ruby
  propshaft
  puma (>= 5.0)
  rails (~> 8.0.1)
  redis
  rspec-rails
  rspec-sorbet
  rubocop
  rubocop-rails-omakase
  rubocop-sorbet
  selenium-webdriver
  sentry-rails
  sentry-ruby
  sidekiq-pro!
  simple_form
  solana-ruby-web3js
  sorbet
  sorbet-rails
  sorbet-runtime
  spoom
  stackprof
  stimulus-rails
  stripe
  tailwindcss-rails
  tapioca
  thruster
  turbo-rails
  vcr
  view_component
  webmock
  zeitwerk (= 2.7.2)
  zlib

BUNDLED WITH
   2.6.3
